PATH
  remote: .
  specs:
    stun (0.2.1)
      bindata (~> 2.4.10)

GEM
  remote: https://rubygems.org/
  specs:
    bindata (2.4.10)
    diff-lcs (1.5.0)
    rake (12.3.3)
    rspec (3.9.0)
      rspec-core (~> 3.9.0)
      rspec-expectations (~> 3.9.0)
      rspec-mocks (~> 3.9.0)
    rspec-core (3.9.3)
      rspec-support (~> 3.9.3)
    rspec-expectations (3.9.4)
      diff-lcs (>= 1.2.0, < 2.0)
      rspec-support (~> 3.9.0)
    rspec-mocks (3.9.1)
      diff-lcs (>= 1.2.0, < 2.0)
      rspec-support (~> 3.9.0)
    rspec-support (3.9.4)

PLATFORMS
  x86_64-linux

DEPENDENCIES
  bundler (~> 2.2.33)
  rake (~> 12.3.3)
  rspec (~> 3.9.0)
  stun!

BUNDLED WITH
   2.2.33
